PATH
  remote: .
  specs:
    rspec-openhab-scripting (0.0.13-java)
      faraday (~> 2.3)
      jar-dependencies (~> 0.4)
      net-http-persistent (~> 4.0)
      openhab-scripting (~> 4.42)
      rspec-core (~> 3.11)
      ruby-maven (~> 3.3)
      timecop (~> 0.9)

GEM
  remote: https://rubygems.org/
  specs:
    ast (2.4.2)
    columnize (0.9.0)
    connection_pool (2.2.5)
    faraday (2.3.0)
      faraday-net_http (~> 2.0)
      ruby2_keywords (>= 0.0.4)
    faraday-net_http (2.0.3)
    jar-dependencies (0.4.1)
    json (2.6.2-java)
    linecache (1.3.1-java)
    marcel (1.0.2)
    net-http-persistent (4.0.1)
      connection_pool (~> 2.2)
    openhab-scripting (4.42.2)
      bundler (~> 2.2)
      marcel (~> 1.0)
    parallel (1.22.1)
    parser (3.1.2.0)
      ast (~> 2.4.1)
    rainbow (3.1.1)
    rake (13.0.6)
    regexp_parser (2.5.0)
    rexml (3.2.5)
    rspec-core (3.11.0)
      rspec-support (~> 3.11.0)
    rspec-support (3.11.0)
    rubocop (1.31.1)
      json (~> 2.3)
      parallel (~> 1.10)
      parser (>= 3.1.0.0)
      rainbow (>= 2.2.2, < 4.0)
      regexp_parser (>= 1.8, < 3.0)
      rexml (>= 3.2.5, < 4.0)
      rubocop-ast (>= 1.18.0, < 2.0)
      ruby-progressbar (~> 1.7)
      unicode-display_width (>= 1.4.0, < 3.0)
    rubocop-ast (1.18.0)
      parser (>= 3.1.1.0)
    rubocop-performance (1.14.2)
      rubocop (>= 1.7.0, < 2.0)
      rubocop-ast (>= 0.4.0)
    rubocop-rake (0.6.0)
      rubocop (~> 1.0)
    ruby-debug (0.11.0)
      columnize (>= 0.1)
      linecache (~> 1.3.1)
      ruby-debug-base (~> 0.11.0.0)
    ruby-debug-base (0.11.0-java)
    ruby-maven (3.3.13)
      ruby-maven-libs (~> 3.3.9)
    ruby-maven-libs (3.3.9)
    ruby-progressbar (1.11.0)
    ruby2_keywords (0.0.5)
    timecop (0.9.5)
    unicode-display_width (2.2.0)

PLATFORMS
  universal-java-11

DEPENDENCIES
  rake (~> 13.0)
  rspec-openhab-scripting!
  rubocop (~> 1.23)
  rubocop-performance (~> 1.12)
  rubocop-rake (~> 0.6)
  ruby-debug (~> 0.11)

BUNDLED WITH
   2.3.16
