PATH
  remote: .
  specs:
    rspec-openhab-scripting (1.0.3)
      faraday (~> 2.3)
      net-http-persistent (~> 4.0)
      openhab-scripting (~> 4.42)
      rspec-core (~> 3.11)
      timecop (~> 0.9)

GEM
  remote: https://rubygems.org/
  specs:
    ast (2.4.2)
    connection_pool (2.3.0)
    diff-lcs (1.5.0)
    faraday (2.5.2)
      faraday-net_http (>= 2.0, < 3.1)
      ruby2_keywords (>= 0.0.4)
    faraday-net_http (3.0.0)
    io-console (0.5.11)
    io-console (0.5.11-java)
    irb (1.4.1)
      reline (>= 0.3.0)
    json (2.6.2)
    json (2.6.2-java)
    marcel (1.0.2)
    method_source (1.0.0)
    net-http-persistent (4.0.1)
      connection_pool (~> 2.2)
    openhab-scripting (4.45.1)
      bundler (~> 2.2)
      marcel (~> 1.0)
      method_source (~> 1.0)
    parallel (1.22.1)
    parser (3.1.2.1)
      ast (~> 2.4.1)
    rainbow (3.1.1)
    rake (13.0.6)
    regexp_parser (2.5.0)
    reline (0.3.1)
      io-console (~> 0.5)
    rexml (3.2.5)
    rspec (3.11.0)
      rspec-core (~> 3.11.0)
      rspec-expectations (~> 3.11.0)
      rspec-mocks (~> 3.11.0)
    rspec-core (3.11.0)
      rspec-support (~> 3.11.0)
    rspec-expectations (3.11.0)
      diff-lcs (>= 1.2.0, < 2.0)
      rspec-support (~> 3.11.0)
    rspec-mocks (3.11.1)
      diff-lcs (>= 1.2.0, < 2.0)
      rspec-support (~> 3.11.0)
    rspec-support (3.11.0)
    rubocop (1.36.0)
      json (~> 2.3)
      parallel (~> 1.10)
      parser (>= 3.1.2.1)
      rainbow (>= 2.2.2, < 4.0)
      regexp_parser (>= 1.8, < 3.0)
      rexml (>= 3.2.5, < 4.0)
      rubocop-ast (>= 1.20.1, < 2.0)
      ruby-progressbar (~> 1.7)
      unicode-display_width (>= 1.4.0, < 3.0)
    rubocop-ast (1.21.0)
      parser (>= 3.1.1.0)
    rubocop-performance (1.15.0)
      rubocop (>= 1.7.0, < 2.0)
      rubocop-ast (>= 0.4.0)
    rubocop-rake (0.6.0)
      rubocop (~> 1.0)
    rubocop-rspec (2.12.1)
      rubocop (~> 1.31)
    ruby-progressbar (1.11.0)
    ruby2_keywords (0.0.5)
    timecop (0.9.5)
    unicode-display_width (2.3.0)

PLATFORMS
  universal-java-11
  x86_64-linux

DEPENDENCIES
  irb (~> 1.4)
  rake (~> 13.0)
  rspec (~> 3.11)
  rspec-openhab-scripting!
  rubocop (~> 1.23)
  rubocop-performance (~> 1.12)
  rubocop-rake (~> 0.6)
  rubocop-rspec (~> 2.11)

BUNDLED WITH
   2.3.22
